GEM
  remote: https://rubygems.org/
  specs:
    dropbox-sdk (1.6.4)
      json
    evernote-thrift (1.25.1)
    json (1.8.3)

PLATFORMS
  ruby

DEPENDENCIES
  dropbox-sdk
  evernote-thrift
